GEM
  remote: https://rubygems.org/
  specs:
    rake (12.0.0)
    ruby_expect (1.7.4)

PLATFORMS
  ruby

DEPENDENCIES
  rake
  ruby_expect

BUNDLED WITH
   1.14.6
